GEM
  remote: http://rubygems.org/
  specs:
    coderay (1.0.9)
    em-websocket (0.5.0)
      eventmachine (>= 0.12.9)
      http_parser.rb (~> 0.5.3)
    eventmachine (1.0.3)
    http_parser.rb (0.5.3)
    method_source (0.8.1)
    pry (0.9.12.2)
      coderay (~> 1.0.5)
      method_source (~> 0.8)
      slop (~> 3.4)
    rack (1.5.2)
    rack-protection (1.5.0)
      rack
    sinatra (1.4.2)
      rack (~> 1.5, >= 1.5.2)
      rack-protection (~> 1.4)
      tilt (~> 1.3, >= 1.3.4)
    slop (3.4.5)
    tilt (1.4.1)

PLATFORMS
  ruby

DEPENDENCIES
  em-websocket
  pry
  sinatra
